GEM
  remote: http://rubygems.org/
  specs:
    RedCloth (4.2.9)
    addressable (2.2.7)
    chunky_png (1.2.5)
    compass (0.11.7)
      chunky_png (~> 1.2)
      fssm (>= 0.2.7)
      sass (~> 3.1)
    compass_twitter_bootstrap (2.0.1.2)
      compass
    em-websocket (0.3.6)
      addressable (>= 2.1.1)
      eventmachine (>= 0.12.9)
    eventmachine (0.12.10)
    ffi (1.0.11)
    fssm (0.2.8.1)
    growl (1.0.3)
    guard (1.0.0)
      ffi (>= 0.5.0)
      thor (~> 0.14.6)
    guard-livereload (0.4.2)
      em-websocket (>= 0.2.0)
      guard (>= 0.10.0)
      multi_json (~> 1.0)
    haml (3.1.4)
    heroku (2.21.1)
      launchy (>= 0.3.2)
      rest-client (~> 1.6.1)
      rubyzip
      term-ansicolor (~> 1.0.5)
    launchy (2.0.5)
      addressable (~> 2.2.6)
    mime-types (1.17.2)
    multi_json (1.1.0)
    nesta (0.9.11)
      RedCloth (~> 4.2)
      haml (~> 3.1)
      rdiscount (~> 1.6)
      sass (~> 3.1)
      shotgun (>= 0.8)
      sinatra (= 1.2.6)
    rack (1.4.1)
    rack-livereload (0.3.4)
      rack
    rdiscount (1.6.8)
    rest-client (1.6.7)
      mime-types (>= 1.16)
    rubyzip (0.9.6.1)
    sass (3.1.15)
    shotgun (0.9)
      rack (>= 1.0)
    sinatra (1.2.6)
      rack (~> 1.1)
      tilt (>= 1.2.2, < 2.0)
    term-ansicolor (1.0.7)
    thor (0.14.6)
    tilt (1.3.3)

PLATFORMS
  ruby

DEPENDENCIES
  compass
  compass_twitter_bootstrap
  growl
  guard-livereload
  haml
  heroku
  nesta
  rack-livereload
  sass
